PATH
  remote: .
  specs:
    delayed_job_mongo_mapper (1.0.9)
      delayed_job (~> 3.0.0)
      mongo_mapper (>= 0.11.0)
      tzinfo (~> 0.3.31)

GEM
  remote: http://rubygems.org/
  specs:
    activemodel (3.2.1)
      activesupport (= 3.2.1)
      builder (~> 3.0.0)
    activesupport (3.2.1)
      i18n (~> 0.6)
      multi_json (~> 1.0)
    bson (1.6.0)
    bson_ext (1.6.0)
      bson (= 1.6.0)
    builder (3.0.0)
    delayed_job (3.0.1)
      activesupport (~> 3.0)
    diff-lcs (1.1.3)
    i18n (0.6.0)
    mongo (1.6.0)
      bson (= 1.6.0)
    mongo_mapper (0.11.0)
      activemodel (~> 3.0)
      activesupport (~> 3.0)
      plucky (~> 0.4.0)
    multi_json (1.1.0)
    plucky (0.4.4)
      mongo (~> 1.5)
    rake (0.9.2.2)
    rspec (2.8.0)
      rspec-core (~> 2.8.0)
      rspec-expectations (~> 2.8.0)
      rspec-mocks (~> 2.8.0)
    rspec-core (2.8.0)
    rspec-expectations (2.8.0)
      diff-lcs (~> 1.1.2)
    rspec-mocks (2.8.0)
    tzinfo (0.3.31)

PLATFORMS
  ruby

DEPENDENCIES
  bson_ext (>= 1.4.0)
  delayed_job_mongo_mapper!
  rake
  rspec
