GIT
  remote: git://github.com/collectiveidea/delayed_job.git
  revision: 50d0d808ededd0a13eaf4f59dd2a6ed1e70d34b1
  specs:
    delayed_job (2.1.0.pre)
      daemons

GIT
  remote: git://github.com/mongoid/mongoid.git
  revision: 5e6466e
  specs:
    mongoid (2.0.0.beta.17)
      activemodel (~> 3.0.0)
      bson (= 1.0.4)
      mongo (= 1.0.7)
      tzinfo (~> 0.3.22)
      will_paginate (~> 3.0.pre)

GEM
  remote: http://rubygems.org/
  specs:
    activemodel (3.0.0)
      activesupport (= 3.0.0)
      builder (~> 2.1.2)
      i18n (~> 0.4.1)
    activesupport (3.0.0)
    bson (1.0.4)
    bson_ext (1.0.4)
    builder (2.1.2)
    daemons (1.1.0)
    i18n (0.4.1)
    mongo (1.0.7)
      bson (>= 1.0.4)
    rake (0.8.7)
    rspec (1.3.0)
    tzinfo (0.3.23)
    will_paginate (3.0.pre2)

PLATFORMS
  ruby

DEPENDENCIES
  bson_ext
  delayed_job!
  mongoid!
  rake
  rspec
