GIT
  remote: git://github.com/collectiveidea/delayed_job.git
  revision: fcca64c20c60b5d93d2ca7ad416ae30e33e588e7
  specs:
    delayed_job (2.1.1)
      activesupport (~> 3.0)
      daemons

GIT
  remote: git://github.com/mongoid/mongoid.git
  revision: 78b1dd32a83a6616176cc95ca20b770be143f566
  specs:
    mongoid (2.0.0.beta.20)
      activemodel (~> 3.0)
      mongo (~> 1.1)
      tzinfo (~> 0.3.22)
      will_paginate (~> 3.0.pre)

GEM
  remote: http://rubygems.org/
  specs:
    activemodel (3.0.2)
      activesupport (= 3.0.2)
      builder (~> 2.1.2)
      i18n (~> 0.4.1)
    activesupport (3.0.2)
    bson (1.1.2)
    bson_ext (1.1.2)
    builder (2.1.2)
    daemons (1.1.0)
    diff-lcs (1.1.2)
    i18n (0.4.2)
    mongo (1.1.2)
      bson (>= 1.1.1)
    rake (0.8.7)
    rspec (2.1.0)
      rspec-core (~> 2.1.0)
      rspec-expectations (~> 2.1.0)
      rspec-mocks (~> 2.1.0)
    rspec-core (2.1.0)
    rspec-expectations (2.1.0)
      diff-lcs (~> 1.1.2)
    rspec-mocks (2.1.0)
    tzinfo (0.3.23)
    will_paginate (3.0.pre2)

PLATFORMS
  ruby

DEPENDENCIES
  bson_ext
  delayed_job!
  mongoid!
  rake
  rspec
