PATH
  remote: .
  specs:
    delayed_job_mongo_mapper (1.0.9)
      delayed_job (~> 4.0.0)
      mongo_mapper (>= 0.11.0)
      tzinfo (~> 0.3.31)

GEM
  remote: http://rubygems.org/
  specs:
    activemodel (3.2.22.5)
      activesupport (= 3.2.22.5)
      builder (~> 3.0.0)
    activesupport (3.2.22.5)
      i18n (~> 0.6, >= 0.6.4)
      multi_json (~> 1.0)
    bson (1.6.0)
    bson_ext (1.6.0)
      bson (= 1.6.0)
    builder (3.0.4)
    delayed_job (4.0.6)
      activesupport (>= 3.0, < 5.0)
    diff-lcs (1.3)
    i18n (0.8.1)
    mongo (1.6.0)
      bson (= 1.6.0)
    mongo_mapper (0.12.0)
      activemodel (~> 3.0)
      activesupport (~> 3.0)
      plucky (~> 0.5.2)
    multi_json (1.12.1)
    plucky (0.5.2)
      mongo (~> 1.5)
    rake (0.9.2.2)
    rspec (3.5.0)
      rspec-core (~> 3.5.0)
      rspec-expectations (~> 3.5.0)
      rspec-mocks (~> 3.5.0)
    rspec-core (3.5.4)
      rspec-support (~> 3.5.0)
    rspec-expectations (3.5.0)
      diff-lcs (>= 1.2.0, < 2.0)
      rspec-support (~> 3.5.0)
    rspec-mocks (3.5.0)
      diff-lcs (>= 1.2.0, < 2.0)
      rspec-support (~> 3.5.0)
    rspec-support (3.5.0)
    tzinfo (0.3.53)

PLATFORMS
  ruby

DEPENDENCIES
  bson_ext (>= 1.4.0)
  delayed_job_mongo_mapper!
  rake
  rspec

BUNDLED WITH
   1.14.6
